GEM
  remote: http://localhost:9292/
  remote: https://rubygems.org/
  specs:
    chunky_png (1.3.0)
    coffee-script (2.2.0)
      coffee-script-source
      execjs
    coffee-script-source (1.7.0)
    compass (0.12.4)
      chunky_png (~> 1.2)
      fssm (>= 0.2.7)
      sass (~> 3.2.17)
    execjs (2.0.2)
    fssm (0.2.10)
    hashugar (0.0.6)
    plist (3.1.0)
    sass (3.2.18)

PLATFORMS
  ruby

DEPENDENCIES
  coffee-script
  compass
  hashugar
  plist
