GEM
  remote: https://rubygems.org/
  specs:
    chunky_png (1.2.9)
    coffee-script (2.4.1)
      coffee-script-source
      execjs
    coffee-script-source (1.9.1.1)
    compass (0.12.2)
      chunky_png (~> 1.2)
      fssm (>= 0.2.7)
      sass (~> 3.1)
    execjs (2.5.2)
    fssm (0.2.10)
    sass (3.4.13)

PLATFORMS
  ruby

DEPENDENCIES
  coffee-script
  compass
